GEM
  remote: https://rubygems.org/
  specs:
    awesome_print (1.8.0)
    binding_of_caller (0.7.3)
      debug_inspector (>= 0.0.1)
    bitclust-core (1.0.0)
      progressbar (= 0.21.0)
      rack
    byebug (9.1.0)
    coderay (1.1.2)
    debug_inspector (0.0.3)
    method_source (0.9.0)
    progressbar (0.21.0)
    pry (0.11.2)
      coderay (~> 1.1.0)
      method_source (~> 0.9.0)
    pry-byebug (3.5.0)
      byebug (~> 9.1)
      pry (~> 0.10)
    pry-doc (0.11.1)
      pry (~> 0.9)
      yard (~> 0.9)
    pry-stack_explorer (0.4.9.2)
      binding_of_caller (>= 0.7)
      pry (>= 0.9.11)
    rack (2.0.3)
    refe2 (1.0.0)
      bitclust-core (= 1.0.0)
    tapp (1.5.1)
      thor
    thor (0.20.0)
    yard (0.9.9)

PLATFORMS
  ruby

DEPENDENCIES
  awesome_print
  pry
  pry-byebug
  pry-doc
  pry-stack_explorer
  refe2
  tapp

BUNDLED WITH
   1.15.4
